GEM
  remote: http://rubygems.org/
  specs:
    diff-lcs (1.2.4)
    jenkins-plugin-runtime (0.2.3)
      json
      slop (~> 3.0.2)
    jenkins-war (1.475)
    jpi (0.3.8)
      bundler
      jenkins-plugin-runtime (~> 0.2.3)
      jenkins-war (> 1.427)
      rubyzip
      thor
    json (1.7.5)
    json (1.7.5-java)
    rack (1.4.1)
    rack-protection (1.2.0)
      rack
    rspec (2.14.1)
      rspec-core (~> 2.14.0)
      rspec-expectations (~> 2.14.0)
      rspec-mocks (~> 2.14.0)
    rspec-core (2.14.4)
    rspec-expectations (2.14.1)
      diff-lcs (>= 1.1.3, < 2.0)
    rspec-mocks (2.14.3)
    rubyzip (0.9.9)
    sinatra (1.3.3)
      rack (~> 1.3, >= 1.3.6)
      rack-protection (~> 1.2)
      tilt (~> 1.3, >= 1.3.3)
    slop (3.0.4)
    thor (0.16.0)
    tilt (1.3.3)

PLATFORMS
  java

DEPENDENCIES
  jenkins-plugin-runtime (>= 0.2.3)
  jpi (>= 0.3.8)
  rspec
  sinatra
